GEM
  remote: https://rubygems.org/
  specs:
    json (1.7.7)
    rack (1.5.2)
    rack-protection (1.5.3)
      rack
    sinatra (1.4.5)
      rack (~> 1.4)
      rack-protection (~> 1.4)
      tilt (~> 1.3, >= 1.3.4)
    tilt (1.4.1)
    wikipedia-client (1.4.0)

PLATFORMS
  ruby

DEPENDENCIES
  json
  sinatra
  wikipedia-client
